FRAMEWORK: >= NET45
NUGET
  remote: https://nuget.org/api/v2
  specs:
    FSharp.Compiler.Service (1.4.0.6)
    FSharp.Formatting (2.12.0)
      FSharp.Compiler.Service (1.4.0.6)
      FSharpVSPowerTools.Core (2.1.0)
    FSharpVSPowerTools.Core (2.1.0)
      FSharp.Compiler.Service (>= 1.4.0.6)
